GEM
  remote: https://rubygems.org/
  specs:
    specific_install (0.3.3)

PLATFORMS
  ruby

DEPENDENCIES
  specific_install

BUNDLED WITH
   1.16.1
